GIT
  remote: git://github.com/sinatra/sinatra.git
  revision: 66c1755f4dcea5b4988ed783729a6272fb6cecf7
  specs:
    sinatra (1.4.6)
      rack (~> 1.5, >= 1.5.4, < 1.6)
      rack-protection (~> 1.4)
      tilt (>= 1.3, < 3)

GEM
  remote: https://rubygems.org/
  specs:
    activemodel (6.0.3.4)
      activesupport (= 6.0.3.4)
    activerecord (6.0.3.4)
      activemodel (= 6.0.3.4)
      activesupport (= 6.0.3.4)
    activesupport (6.0.3.4)
      concurrent-ruby (~> 1.0, >= 1.0.2)
      i18n (>= 0.7, < 2)
      minitest (~> 5.1)
      tzinfo (~> 1.1)
      zeitwerk (~> 2.2, >= 2.2.2)
    coderay (1.1.0)
    concurrent-ruby (1.1.7)
    haml (4.0.7)
      tilt
    i18n (1.8.5)
      concurrent-ruby (~> 1.0)
    method_source (0.8.2)
    minitest (5.14.2)
    mysql2 (0.3.15)
    pry (0.10.3)
      coderay (~> 1.1.0)
      method_source (~> 0.8.1)
      slop (~> 3.4)
    rack (1.5.5)
    rack-protection (1.5.3)
      rack
    rack-test (0.6.3)
      rack (>= 1.0)
    rake (10.5.0)
    sinatra-activerecord (2.0.9)
      activerecord (>= 3.2)
      sinatra (~> 1.0)
    slop (3.6.0)
    thread_safe (0.3.6)
    tilt (2.0.2)
    tzinfo (1.2.8)
      thread_safe (~> 0.1)
    zeitwerk (2.4.1)

PLATFORMS
  ruby

DEPENDENCIES
  activerecord
  haml
  mysql2
  pry
  rack-test
  rake
  sinatra!
  sinatra-activerecord

BUNDLED WITH
   1.11.2
