GIT
  remote: git://github.com/sinatra/sinatra.git
  revision: 66c1755f4dcea5b4988ed783729a6272fb6cecf7
  specs:
    sinatra (1.4.6)
      rack (~> 1.5, >= 1.5.4, < 1.6)
      rack-protection (~> 1.4)
      tilt (>= 1.3, < 3)

GEM
  remote: https://rubygems.org/
  specs:
    addressable (2.4.0)
    domain_name (0.5.25)
      unf (>= 0.0.5, < 1.0.0)
    haml (4.0.7)
      tilt
    http (1.0.2)
      addressable (~> 2.3)
      http-cookie (~> 1.0)
      http-form_data (~> 1.0.1)
      http_parser.rb (~> 0.6.0)
    http-cookie (1.0.2)
      domain_name (~> 0.5)
    http-form_data (1.0.1)
    http_parser.rb (0.6.0)
    rack (1.5.5)
    rack-protection (1.5.3)
      rack
    tilt (2.0.2)
    unf (0.1.4)
      unf_ext
    unf_ext (0.0.7.1)

PLATFORMS
  ruby

DEPENDENCIES
  haml
  http
  sinatra!

BUNDLED WITH
   1.11.2
